GEM
  remote: https://rubygems.org/
  specs:
    bubble-wrap (1.3.0)
    codependency (2.0.0)
    map-kit-wrapper (0.0.5)
      codependency (= 2.0.0)
      rake
    motion-stump (0.3.0)
    rake (10.1.0)

PLATFORMS
  ruby

DEPENDENCIES
  bubble-wrap
  map-kit-wrapper
  motion-stump
  rake
